GEM
  remote: https://rubygems.org/
  specs:
    colorize (0.8.1)
    docker-api (1.34.2)
      excon (>= 0.47.0)
      multi_json
    excon (0.72.0)
    multi_json (1.14.1)
    thor (1.0.1)

PLATFORMS
  ruby

DEPENDENCIES
  colorize
  docker-api
  thor

BUNDLED WITH
   1.17.2
